GEM
  remote: https://rubygems.org/
  specs:
    benchmark-ips (2.1.1)
    coderay (1.1.0)
    daemons (1.1.9)
    execjs (2.2.2)
    haml (4.0.6)
      tilt
    libv8 (3.16.14.7)
    method_source (0.8.2)
    oj (2.11.1)
    pry (0.9.12.6)
      coderay (~> 1.0)
      method_source (~> 0.8)
      slop (~> 3.4)
    react (0.0.2)
      daemons
    react_ruby (0.0.1)
      execjs (~> 2.0)
    ref (1.0.5)
    slim (2.1.0)
      temple (~> 0.6.9)
      tilt (>= 1.3.3, < 2.1)
    slop (3.6.0)
    temple (0.6.10)
    therubyracer (0.12.1)
      libv8 (~> 3.16.14.0)
      ref
    tilt (2.0.1)

PLATFORMS
  ruby

DEPENDENCIES
  benchmark-ips
  execjs
  haml
  libv8
  oj
  pry
  react
  react_ruby
  slim
  therubyracer
